GEM
  remote: https://rubygems.org/
  specs:
    rake (12.3.3)
    rake-compiler (1.0.7)
      rake

PLATFORMS
  java
  ruby

DEPENDENCIES
  rake
  rake-compiler

BUNDLED WITH
   1.16.6
